GEM
  remote: https://rubygems.org/
  specs:
    activesupport (3.2.22.5)
      i18n (~> 0.6, >= 0.6.4)
      multi_json (~> 1.0)
    ffi (1.9.18)
    i18n (0.8.6)
    multi_json (1.12.1)
    rack (1.5.5)
    rack-test (0.6.3)
      rack (>= 1.0)
    rake (12.1.0)
    rb-fsevent (0.10.2)
    rb-inotify (0.9.10)
      ffi (>= 0.5.0, < 2)
    sass (3.5.1)
      sass-listen (~> 4.0.0)
    sass-listen (4.0.0)
      rb-fsevent (~> 0.9, >= 0.9.4)
      rb-inotify (~> 0.9, >= 0.9.7)
    serve (1.5.2)
      activesupport (~> 3.2.12)
      i18n
      rack (~> 1.5.2)
      rack-test (~> 0.6.2)
      tilt (~> 1.3.3)
      tzinfo
    thread_safe (0.3.6)
    tilt (1.3.7)
    tzinfo (1.2.3)
      thread_safe (~> 0.1)

PLATFORMS
  ruby

DEPENDENCIES
  rake
  sass
  serve

RUBY VERSION
   ruby 2.3.1p112

BUNDLED WITH
   1.15.3
